GEM
  remote: http://rubygems.org/
  specs:
    countries (0.6.2)
      currencies (= 0.4.0)
      currencies (>= 0.2.0)
    currencies (0.4.0)
    diff-lcs (1.1.3)
    git (1.2.5)
    jeweler (1.6.4)
      bundler (~> 1.0)
      git (>= 1.2.5)
      rake
    rake (0.9.2)
    rdoc (3.9.4)
    rspec (2.6.0)
      rspec-core (~> 2.6.0)
      rspec-expectations (~> 2.6.0)
      rspec-mocks (~> 2.6.0)
    rspec-core (2.6.4)
    rspec-expectations (2.6.0)
      diff-lcs (~> 1.1.2)
    rspec-mocks (2.6.0)
    yajl-ruby (1.0.0)

PLATFORMS
  ruby

DEPENDENCIES
  countries (~> 0.6.2)
  jeweler (~> 1.6.4)
  rake
  rdoc
  rspec (~> 2.6.0)
  yajl-ruby (~> 1.0.0)
