PATH
  remote: .
  specs:
    cities (0.1.0)
      multi_json (~> 1.8.2)

GEM
  remote: http://rubygems.org/
  specs:
    countries (0.9.3)
      currencies (~> 0.4.2)
    currencies (0.4.2)
    diff-lcs (1.2.4)
    multi_json (1.8.2)
    rake (10.1.0)
    rspec (2.14.1)
      rspec-core (~> 2.14.0)
      rspec-expectations (~> 2.14.0)
      rspec-mocks (~> 2.14.0)
    rspec-core (2.14.6)
    rspec-expectations (2.14.3)
      diff-lcs (>= 1.1.3, < 2.0)
    rspec-mocks (2.14.4)

PLATFORMS
  ruby

DEPENDENCIES
  cities!
  countries (~> 0.9.3)
  rake
  rspec (~> 2.14.1)
